GEM
  remote: https://rubygems.org/
  specs:
    amq-protocol (1.9.2)
    backports (3.6.0)
    bunny (1.1.3)
      amq-protocol (>= 1.9.2)
    haml (4.0.5)
      tilt
    multi_json (1.8.4)
    puma (2.7.1)
      rack (>= 1.1, < 2.0)
    rack (1.5.2)
    rack-protection (1.5.2)
      rack
    rack-test (0.6.2)
      rack (>= 1.0)
    sinatra (1.4.4)
      rack (~> 1.4)
      rack-protection (~> 1.4)
      tilt (~> 1.3, >= 1.3.4)
    sinatra-contrib (1.4.2)
      backports (>= 2.0)
      multi_json
      rack-protection
      rack-test
      sinatra (~> 1.4.0)
      tilt (~> 1.3)
    tilt (1.4.1)

PLATFORMS
  ruby

DEPENDENCIES
  bunny
  haml
  puma
  sinatra
  sinatra-contrib
